GEM
  remote: https://rubygems.org/
  specs:
    whacamole (1.1.0)

PLATFORMS
  ruby

DEPENDENCIES
  whacamole
